GEM
  remote: https://rubygems.org/
  specs:
    ZenTest (4.9.1)
    activesupport (2.3.14)
    autotest (4.4.6)
      ZenTest (>= 4.4.1)
    diff-lcs (1.1.3)
    id3lib-ruby (0.6.0)
    nokogiri (1.5.5)
    rb-appscript (0.6.1)
    rspec (2.11.0)
      rspec-core (~> 2.11.0)
      rspec-expectations (~> 2.11.0)
      rspec-mocks (~> 2.11.0)
    rspec-core (2.11.0)
    rspec-expectations (2.11.1)
      diff-lcs (~> 1.1.3)
    rspec-mocks (2.11.1)

PLATFORMS
  ruby

DEPENDENCIES
  activesupport (= 2.3.14)
  autotest
  id3lib-ruby
  nokogiri
  rb-appscript
  rspec
